GEM
  remote: http://rubygems.org/
  specs:
    CFPropertyList (2.2.8)
    facter (2.1.0)
      CFPropertyList (~> 2.2.6)
    hiera (1.3.4)
      json_pure
    highline (1.6.21)
    json (1.8.1)
    json_pure (1.8.1)
    librarian (0.1.2)
      highline
      thor (~> 0.15)
    librarian-puppet (1.0.4)
      json
      librarian (>= 0.1.2)
    puppet (3.5.1)
      facter (> 1.6, < 3)
      hiera (~> 1.0)
      json_pure
      rgen (~> 0.6.5)
    rgen (0.6.6)
    thor (0.19.1)

PLATFORMS
  ruby

DEPENDENCIES
  hiera (~> 1.3.4)
  librarian-puppet (~> 1.0.1)
  puppet (~> 3.5.1)
